GEM
  remote: https://rubygems.org/
  specs:
    awesome_print (1.2.0)
    mini_portile (0.5.2)
    nokogiri (1.6.0)
      mini_portile (~> 0.5.0)
    phantomjs (1.9.2.0)

PLATFORMS
  ruby

DEPENDENCIES
  awesome_print
  nokogiri
  phantomjs
