GEM
  remote: https://rubygems.org/
  specs:
    phantomjs (1.9.2.0)

PLATFORMS
  ruby

DEPENDENCIES
  phantomjs
